GEM
  remote: http://rubygems.org/
  specs:
    aws-s3 (0.6.3)
      builder
      mime-types
      xml-simple
    builder (3.1.4)
    closure-compiler (1.1.8)
    jbundle (0.1.4)
      closure-compiler
      rack
      thor
    mime-types (1.19)
    rack (1.4.3)
    rake (10.0.3)
    thor (0.16.0)
    xml-simple (1.1.2)

PLATFORMS
  ruby

DEPENDENCIES
  aws-s3
  jbundle
  rake
